GEM
  remote: http://rubygems.org/
  specs:
    actionmailer (2.3.18)
      actionpack (= 2.3.18)
    actionpack (2.3.18)
      activesupport (= 2.3.18)
      rack (~> 1.1.0)
    activerecord (2.3.18)
      activesupport (= 2.3.18)
    activeresource (2.3.18)
      activesupport (= 2.3.18)
    activesupport (2.3.18)
    after_commit (1.0.11)
      activerecord (>= 1.15.6, < 3.0.0)
    annotate (2.5.0)
      rake
    ar-extensions (0.9.5)
      activerecord (~> 2.1)
    fastercsv (1.5.5)
    haml (5.0.0)
      temple (>= 0.8.0)
      tilt
    jrails (0.6.0)
    json (1.8.1)
    mysql (2.9.1)
    rack (1.1.6)
    rails (2.3.18)
      actionmailer (= 2.3.18)
      actionpack (= 2.3.18)
      activerecord (= 2.3.18)
      activeresource (= 2.3.18)
      activesupport (= 2.3.18)
      rake (>= 0.8.3)
    rails-footnotes (3.6.7)
    rake (10.1.0)
    rdoc (4.0.1)
      json (~> 1.4)
    riddle (1.5.9)
    temple (0.8.2)
    thinking-sphinx (1.4.14)
      activerecord (>= 1.15.6, < 3.0.0)
      after_commit (>= 1.0.7)
      riddle (>= 1.5.3)
    tilt (2.0.10)
    will_paginate (2.3.11)
    wirble (0.1.3)

PLATFORMS
  ruby

DEPENDENCIES
  annotate
  ar-extensions
  fastercsv
  haml (= 5.0.0)
  jrails
  mysql
  rails (= 2.3.18)
  rails-footnotes
  rake
  rdoc
  riddle
  thinking-sphinx (~> 1.4)
  will_paginate (= 2.3.11)
  wirble
